GIT
  remote: https://github.com/nviarnes/customized_toto.git
  revision: 7cf03873243e35ff77d6b3fc8438d98079ec0d20
  specs:
    toto (0.4.9)
      builder
      rack
      rdiscount

GEM
  remote: http://rubygems.org/
  specs:
    builder (3.0.0)
    rack (1.4.1)
    rack-rewrite (1.2.1)
    rdiscount (1.6.8)

PLATFORMS
  ruby

DEPENDENCIES
  builder
  rack-rewrite
  rdiscount
  toto!
